GEM
  remote: http://rubygems.org/
  specs:
    gherkin (2.4.1)
      json (>= 1.4.6)
    json (1.5.3)
    rack (1.3.0)
    ratpack (0.1.3)
      rack (>= 1.0.0)
      sinatra (>= 0.9.1)
    shotgun (0.9)
      rack (>= 1.0)
    sinatra (1.2.6)
      rack (~> 1.1)
      tilt (< 2.0, >= 1.2.2)
    tilt (1.3.2)

PLATFORMS
  ruby

DEPENDENCIES
  gherkin
  ratpack
  shotgun
  sinatra
